GEM
  remote: https://rubygems.org/
  specs:
    minitest (5.8.4)
    thor (0.19.1)

PLATFORMS
  ruby

DEPENDENCIES
  minitest
  thor

BUNDLED WITH
   1.10.6
